GEM
  remote: https://rubygems.org/
  specs:
    addressable (2.5.2)
      public_suffix (>= 2.0.2, < 4.0)
    byebug (11.1.1)
    daemons (1.3.1)
    domain_name (0.5.20190701)
      unf (>= 0.0.5, < 1.0.0)
    eventmachine (1.2.7)
    faraday (1.0.0)
      multipart-post (>= 1.2, < 3)
    ffi (1.12.2)
    hashie (4.1.0)
    http-cookie (1.0.3)
      domain_name (~> 0.5)
    jwt (2.2.1)
    listen (3.2.1)
      rb-fsevent (~> 0.10, >= 0.10.3)
      rb-inotify (~> 0.9, >= 0.9.10)
    mime-types (3.3.1)
      mime-types-data (~> 3.2015)
    mime-types-data (3.2019.1009)
    multi_json (1.14.1)
    multi_xml (0.6.0)
    multipart-post (2.1.1)
    netrc (0.11.0)
    oauth2 (1.4.4)
      faraday (>= 0.8, < 2.0)
      jwt (>= 1.0, < 3.0)
      multi_json (~> 1.3)
      multi_xml (~> 0.5)
      rack (>= 1.2, < 3)
    omniauth (1.9.1)
      hashie (>= 3.4.6)
      rack (>= 1.6.2, < 3)
    omniauth-oauth2 (1.5.0)
      oauth2 (~> 1.1)
      omniauth (~> 1.2)
    public_suffix (3.1.1)
    rack (2.2.2)
    rb-fsevent (0.10.3)
    rb-inotify (0.10.1)
      ffi (~> 1.0)
    rerun (0.13.0)
      listen (~> 3.0)
    rest-client (2.0.2)
      http-cookie (>= 1.0.2, < 2.0)
      mime-types (>= 1.16, < 4.0)
      netrc (~> 0.8)
    roda (3.30.0)
      rack
    rspotify (2.8.0)
      addressable (~> 2.5.2)
      omniauth-oauth2 (~> 1.5.0)
      rest-client (~> 2.0.2)
    sequel (5.30.0)
    sqlite3 (1.4.2)
    thin (1.7.2)
      daemons (~> 1.0, >= 1.0.9)
      eventmachine (~> 1.0, >= 1.0.4)
      rack (>= 1, < 3)
    tilt (2.0.10)
    unf (0.1.4)
      unf_ext
    unf_ext (0.0.7.6)

PLATFORMS
  ruby

DEPENDENCIES
  byebug
  faraday
  rerun
  roda
  rspotify
  sequel
  sqlite3
  thin
  tilt

RUBY VERSION
   ruby 2.6.5p114

BUNDLED WITH
   2.1.4
