GEM
  remote: https://rubygems.org/
  specs:
    byebug (11.1.1)
    daemons (1.3.1)
    eventmachine (1.2.7)
    faraday (1.0.0)
      multipart-post (>= 1.2, < 3)
    ffi (1.12.2)
    listen (3.2.1)
      rb-fsevent (~> 0.10, >= 0.10.3)
      rb-inotify (~> 0.9, >= 0.9.10)
    multipart-post (2.1.1)
    rack (2.2.2)
    rb-fsevent (0.10.3)
    rb-inotify (0.10.1)
      ffi (~> 1.0)
    rerun (0.13.0)
      listen (~> 3.0)
    roda (3.29.0)
      rack
    sequel (5.30.0)
    sqlite3 (1.4.2)
    thin (1.7.2)
      daemons (~> 1.0, >= 1.0.9)
      eventmachine (~> 1.0, >= 1.0.4)
      rack (>= 1, < 3)
    tilt (2.0.10)

PLATFORMS
  ruby

DEPENDENCIES
  byebug
  faraday
  rerun
  roda
  sequel
  sqlite3
  thin
  tilt

RUBY VERSION
   ruby 2.6.5p114

BUNDLED WITH
   2.1.4
